PATH
  remote: .
  specs:
    little-graphs (0.0.0)
      rmagick

GEM
  remote: http://rubygems.org/
  specs:
    diff-lcs (1.1.3)
    rmagick (2.13.1)
    rspec (2.11.0)
      rspec-core (~> 2.11.0)
      rspec-expectations (~> 2.11.0)
      rspec-mocks (~> 2.11.0)
    rspec-core (2.11.1)
    rspec-expectations (2.11.3)
      diff-lcs (~> 1.1.3)
    rspec-mocks (2.11.3)

PLATFORMS
  ruby

DEPENDENCIES
  little-graphs!
  rmagick
  rspec
